GEM
  remote: https://rubygems.org/
  specs:
    rubyzip (2.3.0)

PLATFORMS
  x86_64-linux

DEPENDENCIES
  rubyzip (>= 1.0.0)

BUNDLED WITH
   2.2.3
