GEM
  remote: https://rubygems.org/
  specs:
    nokogiri (1.11.3-x86_64-linux)
      racc (~> 1.4)
    racc (1.5.2)
    rubyzip (2.3.0)

PLATFORMS
  x86_64-linux

DEPENDENCIES
  nokogiri (>= 1.11.3)
  rubyzip (>= 1.0.0)

BUNDLED WITH
   2.2.3
